PATH
  remote: .
  specs:
    secrets_manager (0.2.0)
      aws-sdk-secretsmanager (~> 1.20.0)
      thor

GEM
  remote: https://rubygems.org/
  specs:
    aws-eventstream (1.0.1)
    aws-partitions (1.122.0)
    aws-sdk-core (3.44.0)
      aws-eventstream (~> 1.0)
      aws-partitions (~> 1.0)
      aws-sigv4 (~> 1.0)
      jmespath (~> 1.0)
    aws-sdk-secretsmanager (1.20.0)
      aws-sdk-core (~> 3)
      aws-sigv4 (~> 1.0)
    aws-sigv4 (1.0.3)
    coderay (1.1.2)
    jmespath (1.6.1)
    method_source (0.9.2)
    pry (0.12.2)
      coderay (~> 1.1.0)
      method_source (~> 0.9.0)
    thor (0.20.3)

PLATFORMS
  ruby

DEPENDENCIES
  aws-sdk-secretsmanager (~> 1.20.0)
  pry
  secrets_manager!
  thor

BUNDLED WITH
   1.17.1
